PATH
  remote: .
  specs:
    toxic (0.1.0)
      cli-ui (~> 1.2.1)
      gli (~> 2.18)
      xcodeproj (~> 1.7.0)

GEM
  remote: https://rubygems.org/
  specs:
    CFPropertyList (3.0.0)
    atomos (0.1.3)
    claide (1.0.2)
    cli-ui (1.2.1)
    colored2 (3.1.2)
    gli (2.18.0)
    nanaimo (0.2.6)
    rake (10.5.0)
    xcodeproj (1.7.0)
      CFPropertyList (>= 2.3.3, < 4.0)
      atomos (~> 0.1.3)
      claide (>= 1.0.2, < 2.0)
      colored2 (~> 3.1)
      nanaimo (~> 0.2.6)

PLATFORMS
  ruby

DEPENDENCIES
  bundler (~> 1.17)
  rake (~> 10.0)
  toxic!

BUNDLED WITH
   1.17.1
